GEM
  remote: https://rubygems.org/
  specs:
    capistrano (2.15.3)
      highline
      net-scp (>= 1.0.0)
      net-sftp (>= 2.0.0)
      net-ssh (>= 2.0.14)
      net-ssh-gateway (>= 1.1.0)
    capistrano-multiconfig (0.0.4)
      capistrano (>= 2.5.5)
    coderay (1.0.9)
    highline (1.6.18)
    method_source (0.8.1)
    net-scp (1.1.0)
      net-ssh (>= 2.6.5)
    net-sftp (2.1.1)
      net-ssh (>= 2.6.5)
    net-ssh (2.6.7)
    net-ssh-gateway (1.2.0)
      net-ssh (>= 2.6.5)
    pry (0.9.12.1)
      coderay (~> 1.0.5)
      method_source (~> 0.8)
      slop (~> 3.4)
    pry-doc (0.4.6)
      pry (>= 0.9)
      yard (>= 0.8)
    slop (3.4.4)
    yard (0.8.6.1)

PLATFORMS
  ruby

DEPENDENCIES
  capistrano
  capistrano-multiconfig
  pry
  pry-doc
